GEM
  remote: https://rubygems.org/
  specs:
    rr (1.1.2)
    test-unit (2.5.5)
    test-unit-rr (1.0.3)
      rr (>= 1.1.1)
      test-unit (>= 2.5.2)

PLATFORMS
  ruby

DEPENDENCIES
  test-unit
  test-unit-rr
